GEM
  remote: https://rubygems.org/
  specs:
    armor (0.0.3)
    cuba (3.1.1)
      rack
    cuba-contrib (3.1.0)
      cuba (~> 3.1)
    daemons (1.1.9)
    eventmachine (1.0.3)
    mote (1.1.2)
    netrc (0.7.7)
    rack (1.5.2)
    rack-protection (1.5.3)
      rack
    rest_client (1.7.3)
      netrc (~> 0.7.7)
    scrivener (0.2.0)
    scrivener_errors (0.0.6)
    shield (2.1.0)
      armor
    shotgun (0.9)
      rack (>= 1.0)
    thin (1.6.2)
      daemons (>= 1.0.9)
      eventmachine (>= 1.0.0)
      rack (>= 1.0.0)

PLATFORMS
  ruby

DEPENDENCIES
  cuba
  cuba-contrib
  mote
  rack-protection
  rest_client
  scrivener
  scrivener_errors
  shield
  shotgun
  thin
